GEM
  remote: https://rubygems.org/
  specs:
    http-2 (1.1.1)

PLATFORMS
  x86_64-linux

DEPENDENCIES
  http-2

BUNDLED WITH
   2.2.25
