GEM
  remote: https://rubygems.org/
  specs:
    base64 (0.2.0)
    http-2 (0.12.0)
      base64

PLATFORMS
  x86_64-linux

DEPENDENCIES
  http-2

BUNDLED WITH
   2.2.25
