GEM
  remote: https://rubygems.org/
  specs:
    google-protobuf (3.25.2)
    googleapis-common-protos-types (1.12.0)
      google-protobuf (~> 3.18)
    grpc (1.53.2)
      google-protobuf (~> 3.21)
      googleapis-common-protos-types (~> 1.0)
    grpc-tools (1.42.0)

PLATFORMS
  ruby

DEPENDENCIES
  grpc
  grpc-tools

BUNDLED WITH
   2.2.25
