GEM
  remote: https://rubygems.org/
  specs:
    bigdecimal (3.1.9)
    google-protobuf (4.29.3)
      bigdecimal
      rake (>= 13)
    googleapis-common-protos-types (1.18.0)
      google-protobuf (>= 3.18, < 5.a)
    grpc (1.70.1)
      google-protobuf (>= 3.25, < 5.0)
      googleapis-common-protos-types (~> 1.0)
    grpc-tools (1.69.0)
    rake (13.2.1)

PLATFORMS
  ruby

DEPENDENCIES
  grpc
  grpc-tools

BUNDLED WITH
   2.2.25
