GEM
  remote: https://rubygems.org/
  specs:
    bigdecimal (3.3.1)
    google-protobuf (4.33.0)
      bigdecimal
      rake (>= 13)
    googleapis-common-protos-types (1.22.0)
      google-protobuf (~> 4.26)
    grpc (1.76.0)
      google-protobuf (>= 3.25, < 5.0)
      googleapis-common-protos-types (~> 1.0)
    grpc-tools (1.76.0)
    rake (13.3.0)

PLATFORMS
  ruby

DEPENDENCIES
  grpc
  grpc-tools

BUNDLED WITH
   2.2.25
